{
	"Modality": "MR",
	"MagneticFieldStrength": 3,
	"Manufacturer": "Siemens",
	"ManufacturersModelName": "Skyra",
	"InstitutionName": "Princeton_University_-_Neuroscience_Institute",
	"InstitutionalDepartmentName": "Department",
	"InstitutionAddress": "Washington_and_Faculty_Rd._-_Building_25_25_Princeton_NJ_US_085",
	"DeviceSerialNumber": "45031",
	"StationName": "AWP45031",
	"BodyPartExamined": "BRAIN",
	"PatientPosition": "HFS",
	"ProcedureStepDescription": "Turk-BrowneLab_Projects",
	"SoftwareVersions": "syngo_MR_D13",
	"MRAcquisitionType": "2D",
	"SeriesDescription": "field_3x3x4_epi",
	"ProtocolName": "field_3x3x4_epi",
	"ScanningSequence": "GR",
	"SequenceVariant": "SP",
	"SequenceName": "_fm2d2r",
	"ImageType": ["ORIGINAL", "PRIMARY", "P", "ND"],
	"SeriesNumber": 17,
	"AcquisitionTime": "11:38:25.072500",
	"AcquisitionNumber": 1,
	"SliceThickness": 4,
	"SpacingBetweenSlices": 4,
	"SAR": 0.0406546,
	"EchoNumber": 2,
	"EchoTime": 0.00683,
	"RepetitionTime": 1,
	"FlipAngle": 55,
	"PartialFourier": 1,
	"BaseResolution": 64,
	"ShimSetting": [
		3415,
		8558,
		9366,
		493,
		143,
		-37,
		658,
		112	],
	"TxRefAmp": 354.718,
	"PhaseResolution": 1,
	"ReceiveCoilName": "HeadNeck_20",
	"ReceiveCoilActiveElements": "HE1-4",
	"PulseSequenceDetails": "%SiemensSeq%_gre_field_mapping",
	"ConsistencyInfo": "N4_VD13A_LATEST_20120616",
	"PercentPhaseFOV": 100,
	"PhaseEncodingSteps": 64,
	"AcquisitionMatrixPE": 64,
	"ReconMatrixPE": 64,
	"PixelBandwidth": 1475,
	"DwellTime": 5.3e-06,
	"PhaseEncodingDirection": "j-",
	"ImageOrientationPatientDICOM": [
		0.999683,
		0.0127141,
		0.0217487,
		-0.0129966,
		0.999832,
		0.0128982	],
	"InPlanePhaseEncodingDirectionDICOM": "COL",
	"ConversionSoftware": "dcm2niix",
	"ConversionSoftwareVersion": "v1.0.20180518 GCC4.8.5"
}
