{
	"Modality": "MR",
	"MagneticFieldStrength": 3,
	"Manufacturer": "Siemens",
	"ManufacturersModelName": "Skyra",
	"InstitutionName": "Princeton_University_-_Neuroscience_Institute",
	"InstitutionalDepartmentName": "Department",
	"InstitutionAddress": "Washington_and_Faculty_Rd._-_Building_25_25_Princeton_NJ_US_085",
	"DeviceSerialNumber": "45031",
	"StationName": "AWP45031",
	"BodyPartExamined": "BRAIN",
	"PatientPosition": "HFS",
	"ProcedureStepDescription": "Turk-BrowneLab_Projects",
	"SoftwareVersions": "syngo_MR_D13",
	"MRAcquisitionType": "2D",
	"SeriesDescription": "epi_3x3x4_1.5s_216TR",
	"ProtocolName": "epi_3x3x4_1.5s_216TR",
	"ScanningSequence": "EP",
	"SequenceVariant": "SK",
	"ScanOptions": "FS",
	"SequenceName": "_epfid2d1_64",
	"ImageType": ["ORIGINAL", "PRIMARY", "M", "ND", "NORM", "MOSAIC"],
	"SeriesNumber": 14,
	"AcquisitionTime": "21:32:13.265000",
	"AcquisitionNumber": 1,
	"SliceThickness": 4,
	"SpacingBetweenSlices": 4,
	"SAR": 0.0910261,
	"EchoTime": 0.028,
	"RepetitionTime": 1.5,
	"FlipAngle": 64,
	"PartialFourier": 1,
	"BaseResolution": 64,
	"ShimSetting": [
		3406,
		8621,
		9326,
		534,
		249,
		187,
		461,
		37	],
	"TxRefAmp": 391.067,
	"PhaseResolution": 1,
	"ReceiveCoilName": "HeadNeck_20",
	"ReceiveCoilActiveElements": "HE1-4",
	"PulseSequenceDetails": "%SiemensSeq%_ep2d_bold",
	"ConsistencyInfo": "N4_VD13A_LATEST_20120616",
	"PercentPhaseFOV": 100,
	"EchoTrainLength": 32,
	"PhaseEncodingSteps": 64,
	"AcquisitionMatrixPE": 64,
	"ReconMatrixPE": 64,
	"BandwidthPerPixelPhaseEncode": 40.064,
	"ParallelReductionFactorInPlane": 2,
	"EffectiveEchoSpacing": 0.000390001,
	"DerivedVendorReportedEchoSpacing": 0.000780002,
	"TotalReadoutTime": 0.0245701,
	"PixelBandwidth": 1445,
	"DwellTime": 5.4e-06,
	"PhaseEncodingDirection": "j-",
	"SliceTiming": [
		0.74,
		0,
		0.7975,
		0.0575,
		0.855,
		0.115,
		0.9125,
		0.1725,
		0.9675,
		0.2275,
		1.025,
		0.285,
		1.0825,
		0.3425,
		1.14,
		0.4,
		1.195,
		0.455,
		1.2525,
		0.5125,
		1.31,
		0.57,
		1.3675,
		0.6275,
		1.425,
		0.685	],
	"ImageOrientationPatientDICOM": [
		0.999051,
		0.0404361,
		0.0161673,
		-0.0353519,
		0.969847,
		-0.241138	],
	"InPlanePhaseEncodingDirectionDICOM": "COL",
	"ConversionSoftware": "dcm2niix",
	"ConversionSoftwareVersion": "v1.0.20180518 GCC4.8.5"
}
