{
	"Modality": "MR",
	"MagneticFieldStrength": 3,
	"Manufacturer": "Siemens",
	"ManufacturersModelName": "Skyra",
	"InstitutionName": "Princeton_University_-_Neuroscience_Institute",
	"InstitutionalDepartmentName": "Department",
	"InstitutionAddress": "Washington_and_Faculty_Rd._-_Building_25_25_Princeton_NJ_US_085",
	"DeviceSerialNumber": "45031",
	"StationName": "AWP45031",
	"BodyPartExamined": "BRAIN",
	"PatientPosition": "HFS",
	"ProcedureStepDescription": "Turk-BrowneLab_Projects",
	"SoftwareVersions": "syngo_MR_D13",
	"MRAcquisitionType": "2D",
	"SeriesDescription": "flash_1x1x4",
	"ProtocolName": "flash_1x1x4",
	"ScanningSequence": "GR",
	"SequenceVariant": "SP",
	"SequenceName": "_fl2d1",
	"ImageType": ["ORIGINAL", "PRIMARY", "M", "ND", "NORM"],
	"SeriesNumber": 18,
	"AcquisitionTime": "13:59:7.710000",
	"AcquisitionNumber": 1,
	"SliceThickness": 4,
	"SpacingBetweenSlices": 4,
	"SAR": 0.473227,
	"EchoTime": 0.0026,
	"RepetitionTime": 0.245,
	"FlipAngle": 70,
	"PartialFourier": 1,
	"BaseResolution": 256,
	"ShimSetting": [
		3381,
		8601,
		8907,
		20,
		70,
		-2,
		82,
		147	],
	"TxRefAmp": 323.163,
	"PhaseResolution": 1,
	"ReceiveCoilName": "HeadNeck_20",
	"ReceiveCoilActiveElements": "HE1-4",
	"PulseSequenceDetails": "%SiemensSeq%_gre",
	"ConsistencyInfo": "N4_VD13A_LATEST_20120616",
	"PercentPhaseFOV": 100,
	"PhaseEncodingSteps": 256,
	"AcquisitionMatrixPE": 256,
	"ReconMatrixPE": 256,
	"ParallelReductionFactorInPlane": 2,
	"PixelBandwidth": 560,
	"DwellTime": 3.5e-06,
	"PhaseEncodingDirection": "j-",
	"ImageOrientationPatientDICOM": [
		0.996497,
		0.0833403,
		-0.00690028,
		-0.0810171,
		0.98257,
		0.167306	],
	"InPlanePhaseEncodingDirectionDICOM": "COL",
	"ConversionSoftware": "dcm2niix",
	"ConversionSoftwareVersion": "v1.0.20180518 GCC4.8.5"
}
