{
	"Modality": "MR",
	"MagneticFieldStrength": 3,
	"Manufacturer": "Siemens",
	"ManufacturersModelName": "Skyra",
	"InstitutionName": "Princeton_University_-_Neuroscience_Institute",
	"InstitutionalDepartmentName": "Department",
	"InstitutionAddress": "Washington_and_Faculty_Rd._-_Building_25_25_Princeton_NJ_US_085",
	"DeviceSerialNumber": "45031",
	"StationName": "AWP45031",
	"BodyPartExamined": "BRAIN",
	"PatientPosition": "HFS",
	"ProcedureStepDescription": "Turk-BrowneLab_Projects",
	"SoftwareVersions": "syngo_MR_D13",
	"MRAcquisitionType": "2D",
	"SeriesDescription": "epi_3x3x4_1.5s_148TR",
	"ProtocolName": "epi_3x3x4_1.5s_148TR",
	"ScanningSequence": "EP",
	"SequenceVariant": "SK",
	"ScanOptions": "FS",
	"SequenceName": "_epfid2d1_64",
	"ImageType": ["ORIGINAL", "PRIMARY", "M", "ND", "NORM", "MOSAIC"],
	"SeriesNumber": 7,
	"AcquisitionTime": "12:36:42.847500",
	"AcquisitionNumber": 1,
	"SliceThickness": 4,
	"SpacingBetweenSlices": 4,
	"SAR": 0.0753898,
	"EchoTime": 0.028,
	"RepetitionTime": 1.5,
	"FlipAngle": 64,
	"PartialFourier": 1,
	"BaseResolution": 64,
	"ShimSetting": [
		3386,
		8758,
		9265,
		450,
		163,
		-17,
		77,
		-19	],
	"TxRefAmp": 356.742,
	"PhaseResolution": 1,
	"ReceiveCoilName": "HeadNeck_20",
	"ReceiveCoilActiveElements": "HE1-4",
	"PulseSequenceDetails": "%SiemensSeq%_ep2d_bold",
	"ConsistencyInfo": "N4_VD13A_LATEST_20120616",
	"PercentPhaseFOV": 100,
	"EchoTrainLength": 32,
	"PhaseEncodingSteps": 64,
	"AcquisitionMatrixPE": 64,
	"ReconMatrixPE": 64,
	"BandwidthPerPixelPhaseEncode": 40.064,
	"ParallelReductionFactorInPlane": 2,
	"EffectiveEchoSpacing": 0.000390001,
	"DerivedVendorReportedEchoSpacing": 0.000780002,
	"TotalReadoutTime": 0.0245701,
	"PixelBandwidth": 1445,
	"DwellTime": 5.4e-06,
	"PhaseEncodingDirection": "j-",
	"SliceTiming": [
		0.74,
		0,
		0.795,
		0.055,
		0.8525,
		0.1125,
		0.91,
		0.17,
		0.9675,
		0.2275,
		1.0225,
		0.2825,
		1.08,
		0.34,
		1.1375,
		0.3975,
		1.195,
		0.455,
		1.2525,
		0.5125,
		1.3075,
		0.5675,
		1.365,
		0.625,
		1.4225,
		0.6825	],
	"ImageOrientationPatientDICOM": [
		0.999471,
		0.0122314,
		0.0301506,
		-0.00628383,
		0.981769,
		-0.189975	],
	"InPlanePhaseEncodingDirectionDICOM": "COL",
	"ConversionSoftware": "dcm2niix",
	"ConversionSoftwareVersion": "v1.0.20180518 GCC4.8.5"
}
